GIT
  remote: git://github.com/celluloid/celluloid.git
  revision: cc0c59dad727f2dd71868834f53db09d13525e91
  specs:
    celluloid (0.16.0.pre)
      timers (~> 2.0.0)

GEM
  remote: https://rubygems.org/
  specs:
    activesupport (3.2.7)
      i18n (~> 0.6)
      multi_json (~> 1.0)
    addressable (2.3.5)
    awesome_print (1.0.2)
    capistrano (2.12.0)
      highline
      net-scp (>= 1.0.0)
      net-sftp (>= 2.0.0)
      net-ssh (>= 2.0.14)
      net-ssh-gateway (>= 1.1.0)
    capistrano_colors (0.5.5)
    chronic (0.6.7)
    clamp (0.6.3)
    coderay (1.0.7)
    css_parser (1.3.5)
      addressable
    excon (0.15.5)
    ffi (1.9.3)
    hashie (1.2.0)
    highline (1.6.13)
    hitimes (1.2.1)
    i18n (0.6.0)
    inline-style (0.5.1)
      css_parser
      maca-fork-csspool
      nokogiri
    json (1.7.7)
    little-plugger (1.1.3)
    logging (1.7.2)
      little-plugger (>= 1.1.3)
    maca-fork-csspool (2.0.2)
      ffi
    mail (2.4.4)
      i18n (>= 0.4.0)
      mime-types (~> 1.16)
      treetop (~> 1.4.8)
    mandrill-api (1.0.14)
      excon (~> 0.15.4)
      json (~> 1.7.4)
    metaclass (0.0.1)
    method_source (0.8)
    mime-types (1.19)
    mini_portile (0.5.2)
    minitest (3.3.0)
    mocha (0.12.3)
      metaclass (~> 0.0.1)
    multi_json (1.3.6)
    net-scp (1.0.4)
      net-ssh (>= 1.99.1)
    net-sftp (2.0.5)
      net-ssh (>= 2.0.9)
    net-ssh (2.5.2)
    net-ssh-gateway (1.1.0)
      net-ssh (>= 1.99.1)
    nokogiri (1.6.1)
      mini_portile (~> 0.5.0)
    polyglot (0.3.3)
    pry (0.9.10)
      coderay (~> 1.0.5)
      method_source (~> 0.8)
      slop (~> 3.3.1)
    pry-nav (0.2.2)
      pry (~> 0.9.10)
    rake (0.9.2.2)
    rest-client (1.6.7)
      mime-types (>= 1.16)
    slop (3.3.2)
    timers (2.0.0)
      hitimes
    toadhopper (2.1)
    treetop (1.4.10)
      polyglot
      polyglot (>= 0.3.1)
    trollop (1.16.2)
    whenever (0.7.3)
      activesupport (>= 2.3.4)
      chronic (~> 0.6.3)

PLATFORMS
  ruby

DEPENDENCIES
  awesome_print
  capistrano
  capistrano_colors
  celluloid!
  clamp
  hashie
  inline-style
  logging
  mail
  mandrill-api
  minitest (~> 3.0)
  mocha
  nokogiri
  pry
  pry-nav
  rake
  rest-client
  toadhopper
  trollop
  whenever
