GIT
  remote: git://github.com/celluloid/celluloid.git
  revision: cc0c59dad727f2dd71868834f53db09d13525e91
  specs:
    celluloid (0.16.0.pre)
      timers (~> 2.0.0)

GEM
  remote: https://rubygems.org/
  specs:
    activesupport (3.2.16)
      i18n (~> 0.6, >= 0.6.4)
      multi_json (~> 1.0)
    addressable (2.3.5)
    awesome_print (1.2.0)
    capistrano (3.1.0)
      i18n
      rake (>= 10.0.0)
      sshkit (~> 1.3)
    capistrano_colors (0.5.5)
    chronic (0.10.2)
    clamp (0.6.3)
    coderay (1.1.0)
    css_parser (1.3.5)
      addressable
    excon (0.31.0)
    ffi (1.9.3)
    hashie (2.0.5)
    hitimes (1.2.1)
    i18n (0.6.9)
    inline-style (0.5.1)
      css_parser
      maca-fork-csspool
      nokogiri
    json (1.8.1)
    little-plugger (1.1.3)
    logging (1.8.1)
      little-plugger (>= 1.1.3)
      multi_json (>= 1.3.6)
    maca-fork-csspool (2.0.2)
      ffi
    mail (2.2.7)
      activesupport (>= 2.3.6)
      mime-types
      treetop (>= 1.4.5)
    mandrill-api (1.0.49)
      excon (>= 0.16.0, < 1.0)
      json (>= 1.7.7, < 2.0)
    metaclass (0.0.2)
    method_source (0.8.2)
    mime-types (2.0)
    mini_portile (0.5.2)
    minitest (3.5.0)
    mocha (1.0.0)
      metaclass (~> 0.0.1)
    multi_json (1.8.4)
    net-scp (1.1.2)
      net-ssh (>= 2.6.5)
    net-ssh (2.7.0)
    nokogiri (1.6.1)
      mini_portile (~> 0.5.0)
    polyglot (0.3.3)
    pry (0.9.12.4)
      coderay (~> 1.0)
      method_source (~> 0.8)
      slop (~> 3.4)
    pry-nav (0.2.3)
      pry (~> 0.9.10)
    rake (10.1.1)
    rest-client (1.6.7)
      mime-types (>= 1.16)
    slop (3.4.7)
    sshkit (1.3.0)
      net-scp (>= 1.1.2)
      net-ssh
      term-ansicolor
    term-ansicolor (1.2.2)
      tins (~> 0.8)
    timers (2.0.0)
      hitimes
    tins (0.13.1)
    toadhopper (2.1)
    treetop (1.4.15)
      polyglot
      polyglot (>= 0.3.1)
    trollop (2.0)
    whenever (0.9.0)
      activesupport (>= 2.3.4)
      chronic (>= 0.6.3)

PLATFORMS
  ruby

DEPENDENCIES
  awesome_print
  capistrano
  capistrano_colors
  celluloid!
  clamp
  hashie
  inline-style
  logging
  mail
  mandrill-api
  minitest (~> 3.0)
  mocha
  nokogiri
  pry
  pry-nav
  rake
  rest-client
  toadhopper
  trollop
  whenever
