GEM
  remote: http://rubygems.org/
  specs:
    activesupport (3.2.5)
      i18n (~> 0.6)
      multi_json (~> 1.0)
    addressable (2.2.8)
    awesome_print (1.0.2)
    capistrano (2.12.0)
      highline
      net-scp (>= 1.0.0)
      net-sftp (>= 2.0.0)
      net-ssh (>= 2.0.14)
      net-ssh-gateway (>= 1.1.0)
    capistrano_colors (0.5.5)
    chronic (0.6.7)
    coderay (1.0.6)
    css_parser (1.2.6)
      addressable
      rdoc
    facets (2.9.3)
    ffi (1.0.11)
    haml (3.1.4)
    hashie (1.2.0)
    highline (1.6.12)
    i18n (0.6.0)
    inline-style (0.5.0)
      css_parser
      facets
      maca-fork-csspool
      nokogiri
    json (1.7.3)
    little-plugger (1.1.3)
    logging (1.7.2)
      little-plugger (>= 1.1.3)
    maca-fork-csspool (2.0.2)
      ffi
    mail (2.4.4)
      i18n (>= 0.4.0)
      mime-types (~> 1.16)
      treetop (~> 1.4.8)
    metaclass (0.0.1)
    method_source (0.7.1)
    mime-types (1.18)
    minitest (3.0.1)
    mocha (0.11.4)
      metaclass (~> 0.0.1)
    multi_json (1.3.6)
    net-scp (1.0.4)
      net-ssh (>= 1.99.1)
    net-sftp (2.0.5)
      net-ssh (>= 2.0.9)
    net-ssh (2.5.2)
    net-ssh-gateway (1.1.0)
      net-ssh (>= 1.99.1)
    nokogiri (1.5.3)
    polyglot (0.3.3)
    pry (0.9.9.6)
      coderay (~> 1.0.5)
      method_source (~> 0.7.1)
      slop (>= 2.4.4, < 3)
    pry-nav (0.2.1)
      pry (~> 0.9.9)
    rake (0.9.2.2)
    rdoc (3.12)
      json (~> 1.4)
    rest-client (1.6.7)
      mime-types (>= 1.16)
    slop (2.4.4)
    toadhopper (2.0)
    treetop (1.4.10)
      polyglot
      polyglot (>= 0.3.1)
    trollop (1.16.2)
    whenever (0.7.3)
      activesupport (>= 2.3.4)
      chronic (~> 0.6.3)

PLATFORMS
  ruby

DEPENDENCIES
  awesome_print
  capistrano
  capistrano_colors
  haml
  hashie
  inline-style
  logging
  mail
  minitest (~> 3.0)
  mocha
  nokogiri
  pry
  pry-nav
  rake
  rest-client
  toadhopper
  trollop
  whenever
