GEM
  remote: https://rubygems.org/
  specs:
    activesupport (4.1.4)
      i18n (~> 0.6, >= 0.6.9)
      json (~> 1.7, >= 1.7.7)
      minitest (~> 5.1)
      thread_safe (~> 0.1)
      tzinfo (~> 1.1)
    addressable (2.3.6)
    awesome_print (1.2.0)
    chronic (0.10.2)
    clamp (0.6.3)
    coderay (1.1.0)
    columnize (0.8.9)
    css_parser (1.3.5)
      addressable
    debugger (1.6.6)
      columnize (>= 0.3.1)
      debugger-linecache (~> 1.2.0)
      debugger-ruby_core_source (~> 1.3.2)
    debugger-linecache (1.2.0)
    debugger-ruby_core_source (1.3.5)
    excon (0.37.0)
    ffi (1.9.3)
    git-deploy (0.6.1)
      net-scp (~> 1.1.0)
      net-ssh (~> 2.6.6)
      thor (= 0.14.6)
    hashie (3.1.0)
    i18n (0.6.9)
    inline-style (0.5.1)
      css_parser
      maca-fork-csspool
      nokogiri
    json (1.8.1)
    maca-fork-csspool (2.0.2)
      ffi
    mandrill-api (1.0.52)
      excon (>= 0.16.0, < 1.0)
      json (>= 1.7.7, < 2.0)
    method_source (0.8.2)
    mime-types (2.3)
    mini_portile (0.6.0)
    minitest (5.4.0)
    multi_json (1.10.1)
    net-scp (1.1.2)
      net-ssh (>= 2.6.5)
    net-ssh (2.6.8)
    nokogiri (1.6.2.1)
      mini_portile (= 0.6.0)
    pry (0.10.0)
      coderay (~> 1.1.0)
      method_source (~> 0.8.1)
      slop (~> 3.4)
    pry-debugger (0.2.3)
      debugger (~> 1.3)
      pry (>= 0.9.10, < 0.11.0)
    rake (10.3.2)
    rest-client (1.6.7)
      mime-types (>= 1.16)
    rollbar (0.13.1)
      multi_json (~> 1.3)
    slim (2.0.3)
      temple (~> 0.6.6)
      tilt (>= 1.3.3, < 2.1)
    slop (3.5.0)
    temple (0.6.8)
    thor (0.14.6)
    thread_safe (0.3.4)
    tilt (2.0.1)
    toadhopper (2.1)
    tzinfo (1.2.1)
      thread_safe (~> 0.1)
    whenever (0.9.2)
      activesupport (>= 2.3.4)
      chronic (>= 0.6.3)

PLATFORMS
  ruby

DEPENDENCIES
  awesome_print
  clamp
  debugger (= 1.6.6)
  debugger-ruby_core_source (= 1.3.5)
  git-deploy
  hashie
  inline-style
  mandrill-api
  nokogiri
  pry
  pry-debugger
  rake
  rest-client
  rollbar
  slim
  toadhopper
  whenever
